GEM
  remote: https://rubygems.org/
  specs:
    awesome_print (1.7.0)
    mini_portile (0.5.3)
    nokogiri (1.6.0)
      mini_portile (~> 0.5.0)

PLATFORMS
  ruby

DEPENDENCIES
  awesome_print
  nokogiri (= 1.6.0)

BUNDLED WITH
   1.12.5
