GEM
  remote: https://rubygems.org/
  specs:
    awesome_print (1.7.0)
    mini_portile2 (2.4.0)
    nokogiri (1.10.8)
      mini_portile2 (~> 2.4.0)

PLATFORMS
  ruby

DEPENDENCIES
  awesome_print
  nokogiri (= 1.10.8)

BUNDLED WITH
   1.12.5
