GEM
  remote: https://rubygems.org/
  specs:
    awesome_print (1.7.0)
    mini_portile2 (2.5.1)
    nokogiri (1.11.4)
      mini_portile2 (~> 2.5.0)
      racc (~> 1.4)
    racc (1.5.2)

PLATFORMS
  ruby

DEPENDENCIES
  awesome_print
  nokogiri (= 1.11.4)

BUNDLED WITH
   1.12.5
